GEM
  remote: https://rubygems.org/
  specs:
    newrelic_rpm (3.6.5.130)
    puma (2.3.2)
      rack (>= 1.1, < 2.0)
    rack (1.6.13)
    rack-protection (1.5.0)
      rack
    sinatra (1.4.3)
      rack (~> 1.4)
      rack-protection (~> 1.4)
      tilt (~> 1.3, >= 1.3.4)
    tilt (1.4.1)

PLATFORMS
  ruby

DEPENDENCIES
  newrelic_rpm
  puma
  sinatra
